GEM
  remote: https://rubygems.org/
  specs:
    adsf (1.2.0)
      rack (>= 1.0.0)
    colored (1.2)
    cri (2.4.1)
      colored (>= 1.2)
    nanoc (3.6.7)
      cri (~> 2.3)
    rack (1.5.2)

PLATFORMS
  ruby

DEPENDENCIES
  adsf
  nanoc
